PATH
  remote: .
  specs:
    xample (0.0.1)
      ParseTree (= 2.2.0)
      ruby2ruby (= 1.1.9)

GEM
  remote: http://rubygems.org/
  specs:
    ParseTree (2.2.0)
      RubyInline (>= 3.6.0)
      hoe (>= 1.5.3)
    RubyInline (3.9.0)
      ZenTest (~> 4.3)
    ZenTest (4.5.0)
    builder (3.0.0)
    ci_reporter (1.6.4)
      builder (>= 2.1.2)
    diff-lcs (1.1.2)
    hoe (2.9.4)
      rake (>= 0.8.7)
    rake (13.0.1)
    rspec (2.5.0)
      rspec-core (~> 2.5.0)
      rspec-expectations (~> 2.5.0)
      rspec-mocks (~> 2.5.0)
    rspec-core (2.5.1)
    rspec-expectations (2.5.0)
      diff-lcs (~> 1.1.2)
    rspec-mocks (2.5.0)
    ruby2ruby (1.1.9)
      ParseTree
      hoe (>= 1.5.3)

PLATFORMS
  ruby

DEPENDENCIES
  ci_reporter (~> 1.6)
  rspec (~> 2.5)
  xample!
